GEM
  remote: https://rubygems.org/
  specs:
    rack (2.1.4)
    rack-cors (1.0.2)

PLATFORMS
  ruby

DEPENDENCIES
  rack
  rack-cors

BUNDLED WITH
   1.16.3
