GEM
  remote: https://rubygems.org/
  specs:
    rack (2.0.6)
    rack-cors (1.0.5)
      rack (>= 1.6.0)

PLATFORMS
  ruby

DEPENDENCIES
  rack
  rack-cors

BUNDLED WITH
   1.16.3
